PATH
  remote: .
  specs:
    kettle (0.1.0)
      git (~> 1.2.9)
      thor (~> 0.19.1)

GEM
  remote: https://rubygems.org/
  specs:
    aruba (0.9.0)
      childprocess (~> 0.5.6)
      contracts (~> 0.9)
      cucumber (>= 1.3.19)
      ffi (~> 1.9.10)
      rspec-expectations (>= 2.99)
      thor (~> 0.19)
    builder (3.2.2)
    childprocess (0.5.6)
      ffi (~> 1.0, >= 1.0.11)
    contracts (0.11.0)
    cucumber (2.0.2)
      builder (>= 2.1.2)
      cucumber-core (~> 1.2.0)
      diff-lcs (>= 1.1.3)
      gherkin (~> 2.12)
      multi_json (>= 1.7.5, < 2.0)
      multi_test (>= 0.1.2)
    cucumber-core (1.2.0)
      gherkin (~> 2.12.0)
    diff-lcs (1.2.5)
    docile (1.1.5)
    ffi (1.9.10)
    gherkin (2.12.2)
      multi_json (~> 1.3)
    git (1.2.9.1)
    json (1.8.3)
    multi_json (1.11.2)
    multi_test (0.1.2)
    rake (10.4.2)
    rspec-core (3.3.2)
      rspec-support (~> 3.3.0)
    rspec-expectations (3.3.1)
      diff-lcs (>= 1.2.0, < 2.0)
      rspec-support (~> 3.3.0)
    rspec-support (3.3.0)
    simplecov (0.10.0)
      docile (~> 1.1.0)
      json (~> 1.8)
      simplecov-html (~> 0.10.0)
    simplecov-html (0.10.0)
    thor (0.19.1)

PLATFORMS
  ruby

DEPENDENCIES
  aruba
  kettle!
  rake
  rspec-core
  simplecov
